PATH
  remote: .
  specs:
    id-daodalus (0.0.1)
      daodalus
      id

GEM
  remote: https://rubygems.org/
  specs:
    activesupport (3.2.12)
      i18n (~> 0.6)
      multi_json (~> 1.0)
    bson (1.8.5)
    bson_ext (1.8.5)
      bson (~> 1.8.5)
    daodalus (0.0.3)
      bson_ext (~> 1.8.0)
      mongo (~> 1.8.0)
      wendy
    diff-lcs (1.2.4)
    i18n (0.6.4)
    id (0.0.8)
      activesupport
      money
      optional
    json (1.7.7)
    money (5.1.1)
      i18n (~> 0.6.0)
    mongo (1.8.5)
      bson (~> 1.8.5)
    multi_json (1.7.3)
    optional (0.0.5)
    rspec (2.13.0)
      rspec-core (~> 2.13.0)
      rspec-expectations (~> 2.13.0)
      rspec-mocks (~> 2.13.0)
    rspec-core (2.13.1)
    rspec-expectations (2.13.0)
      diff-lcs (>= 1.1.3, < 2.0)
    rspec-mocks (2.13.1)
    simplecov (0.7.1)
      multi_json (~> 1.0)
      simplecov-html (~> 0.7.1)
    simplecov-html (0.7.1)
    wendy (0.0.2)

PLATFORMS
  ruby

DEPENDENCIES
  id-daodalus!
  json (~> 1.7.7)
  rspec
  simplecov
